GEM
  remote: https://rubygems.org/
  specs:
    colorize (0.5.8)
    command-runner (0.4.1)
      promise (~> 0.3)
    coveralls (0.6.7)
      colorize
      multi_json (~> 1.3)
      rest-client
      simplecov (>= 0.7)
      thor
    diff-lcs (1.2.4)
    ffi (1.9.0)
    mime-types (1.23)
    multi_json (1.7.7)
    os (0.9.6)
    packed_struct (0.4.1)
    promise (0.3.0)
    rbnacl (1.1.0)
      ffi
    rest-client (1.6.7)
      mime-types (>= 1.16)
    rspec (2.13.0)
      rspec-core (~> 2.13.0)
      rspec-expectations (~> 2.13.0)
      rspec-mocks (~> 2.13.0)
    rspec-core (2.13.1)
    rspec-expectations (2.13.0)
      diff-lcs (>= 1.1.3, < 2.0)
    rspec-mocks (2.13.1)
    simplecov (0.7.1)
      multi_json (~> 1.0)
      simplecov-html (~> 0.7.1)
    simplecov-html (0.7.1)
    thor (0.18.1)

PLATFORMS
  ruby

DEPENDENCIES
  command-runner (~> 0.4)
  coveralls
  os (~> 0.9)
  packed_struct
  rbnacl
  rspec
  thor
